GEM
  remote: http://rubygems.org/
  specs:
    capistrano (2.13.4)
      highline
      net-scp (>= 1.0.0)
      net-sftp (>= 2.0.0)
      net-ssh (>= 2.0.14)
      net-ssh-gateway (>= 1.1.0)
    chunky_png (1.2.6)
    coderay (1.0.7)
    compass (0.12.2)
      chunky_png (~> 1.2)
      fssm (>= 0.2.7)
      sass (~> 3.1)
    fssm (0.2.9)
    highline (1.6.15)
    jruby-pageant (1.1.1)
    kgio (2.7.4)
    method_source (0.8)
    modular-scale (1.0.2)
      compass (>= 0.11.5)
      sassy-math (>= 1.2)
    mustache (0.99.4)
    net-scp (1.0.4)
      net-ssh (>= 1.99.1)
    net-sftp (2.0.5)
      net-ssh (>= 2.0.9)
    net-ssh (2.6.0)
      jruby-pageant (>= 1.1.1)
    net-ssh-gateway (1.1.0)
      net-ssh (>= 1.99.1)
    pry (0.9.10)
      coderay (~> 1.0.5)
      method_source (~> 0.8)
      slop (~> 3.3.1)
    rack (1.4.1)
    rack-protection (1.2.0)
      rack
    raindrops (0.10.0)
    rake (0.9.2.2)
    sass (3.2.1)
    sassy-math (1.2)
      compass (~> 0.11)
    shotgun (0.9)
      rack (>= 1.0)
    sinatra (1.3.3)
      rack (~> 1.3, >= 1.3.6)
      rack-protection (~> 1.2)
      tilt (~> 1.3, >= 1.3.3)
    slop (3.3.2)
    tilt (1.3.3)
    unicorn (4.4.0)
      kgio (~> 2.6)
      rack
      raindrops (~> 0.7)
    zurb-foundation (3.0.9)
      compass (>= 0.12.2)
      modular-scale (>= 1.0.2)
      rake
      sass (>= 3.2.0)

PLATFORMS
  ruby

DEPENDENCIES
  capistrano
  mustache
  pry
  shotgun
  sinatra
  unicorn
  zurb-foundation
